PATH
  remote: .
  specs:
    count_dracula (1.0.0)
      rack (~> 2.2)
      redis (~> 4.6)
      webrick (~> 1.7)

GEM
  remote: https://rubygems.org/
  specs:
    rack (2.2.3)
    redis (4.6.0)
    webrick (1.7.0)

PLATFORMS
  x86_64-linux

DEPENDENCIES
  count_dracula!

BUNDLED WITH
   2.2.22
